GEM
  remote: http://rubygems.org/
  specs:
    aspector (0.13.1)
    childprocess (0.5.3)
      ffi (~> 1.0, >= 1.0.11)
    data_magic (0.19)
      faker (>= 1.1.2)
      yml_reader (>= 0.3)
    deep_merge (1.0.1)
    excon (0.41.0)
    faker (1.4.2)
      i18n (~> 0.5)
    ffi (1.9.3)
    hashdiff (0.2.1)
    i18n (0.6.11)
    json (1.8.1)
    log4r (1.1.10)
    mandrill-api (1.0.53)
      excon (>= 0.16.0, < 1.0)
      json (>= 1.7.7, < 2.0)
    mime-types (2.3)
    mini_portile (0.6.1)
    multi_json (1.10.1)
    net-ssh (2.9.1)
    net-ssh-telnet (0.0.2)
      net-ssh (>= 2.0.1)
    netrc (0.7.7)
    nokogiri (1.6.4.1)
      mini_portile (~> 0.6.0)
    page-object (1.0.2)
      page_navigation (>= 0.9)
      selenium-webdriver (>= 2.42.0)
      watir-webdriver (>= 0.6.9)
    page_navigation (0.9)
      data_magic (>= 0.14)
    rake (10.2.2)
    rest-client (1.7.2)
      mime-types (>= 1.16, < 3.0)
      netrc (~> 0.7)
    rubyzip (1.1.6)
    selenium-webdriver (2.42.0)
      childprocess (>= 0.5.0)
      multi_json (~> 1.0)
      rubyzip (~> 1.0)
      websocket (~> 1.0.4)
    watir-webdriver (0.6.10)
      selenium-webdriver (>= 2.18.0)
    websocket (1.0.7)
    yml_reader (0.3)

PLATFORMS
  ruby

DEPENDENCIES
  aspector
  deep_merge
  hashdiff
  log4r
  mandrill-api
  net-ssh
  net-ssh-telnet
  nokogiri
  page-object
  rake
  rest-client
