PATH
  remote: .
  specs:
    oats (0.0.7)
      em-http-request
      json
      log4r
      net-http-persistent

GEM
  remote: http://rubygems.org/
  remote: http://rubygems.org/
  specs:
    addressable (2.2.8)
    childprocess (0.3.2)
      ffi (~> 1.0.6)
    cookiejar (0.3.0)
    em-http-request (1.0.2)
      addressable (>= 2.2.3)
      cookiejar
      em-socksify
      eventmachine (>= 1.0.0.beta.4)
      http_parser.rb (>= 0.5.3)
    em-socksify (0.2.0)
      eventmachine (>= 1.0.0.beta.4)
    eventmachine (1.0.0.beta.4)
    ffi (1.0.11)
    http_parser.rb (0.5.3)
    json (1.7.3)
    libwebsocket (0.1.3)
      addressable
    log4r (1.1.10)
    mime-types (1.18)
    multi_json (1.3.5)
    net-http-persistent (2.6)
    nokogiri (1.5.2)
    rest-client (1.6.7)
      mime-types (>= 1.16)
    ruby-ole (1.2.11.3)
    rubyzip (0.9.8)
    selenium-webdriver (2.21.2)
      childprocess (>= 0.2.5)
      ffi (~> 1.0)
      libwebsocket (~> 0.1.3)
      multi_json (~> 1.0)
      rubyzip
    spreadsheet (0.7.1)
      ruby-ole (>= 1.0)
    watir-webdriver (0.5.8)
      selenium-webdriver (>= 2.18.0)

PLATFORMS
  ruby

DEPENDENCIES
  nokogiri
  oats!
  rest-client
  spreadsheet
  watir-webdriver
